GEM
  remote: https://rubygems.org/
  specs:
    bubble-wrap (1.4.0)
    joybox (1.1.1)
      rake
    rake (10.1.0)

PLATFORMS
  ruby

DEPENDENCIES
  bubble-wrap (~> 1.4.0)
  joybox (~> 1.1.1)
